GEM
  remote: https://rubygems.org/
  specs:
    ast (2.4.2)
    base64 (0.1.1)
    faraday (1.2.0)
      multipart-post (>= 1.2, < 3)
      ruby2_keywords
    faraday-decode_xml (0.2.1)
      faraday (< 3.0)
      multi_xml (< 1.0)
    json (2.6.3)
    language_server-protocol (3.17.0.3)
    multi_xml (0.6.0)
    multipart-post (2.3.0)
    parallel (1.23.0)
    parser (3.2.2.4)
      ast (~> 2.4.1)
      racc
    racc (1.7.1)
    rainbow (3.1.1)
    regexp_parser (2.8.2)
    rexml (3.2.6)
    rubocop (1.57.1)
      base64 (~> 0.1.1)
      json (~> 2.3)
      language_server-protocol (>= 3.17.0)
      parallel (~> 1.10)
      parser (>= 3.2.2.4)
      rainbow (>= 2.2.2, < 4.0)
      regexp_parser (>= 1.8, < 3.0)
      rexml (>= 3.2.5, < 4.0)
      rubocop-ast (>= 1.28.1, < 2.0)
      ruby-progressbar (~> 1.7)
      unicode-display_width (>= 2.4.0, < 3.0)
    rubocop-ast (1.29.0)
      parser (>= 3.2.1.0)
    rubocop-shopify (2.14.0)
      rubocop (~> 1.51)
    ruby-progressbar (1.13.0)
    ruby2_keywords (0.0.5)
    unicode-display_width (2.5.0)

PLATFORMS
  arm64-darwin-22

DEPENDENCIES
  faraday
  faraday-decode_xml
  rubocop-shopify

BUNDLED WITH
   2.4.17
